GEM
  remote: https://rubygems.org/
  specs:
    addressable (2.3.2)
    backports (2.6.5)
    coderay (1.0.8)
    cookiejar (0.3.0)
    daemons (1.1.9)
    discoverer (0.0.1)
      virtus
    em-http-request (1.0.3)
      addressable (>= 2.2.3)
      cookiejar
      em-socksify
      eventmachine (>= 1.0.0.beta.4)
      http_parser.rb (>= 0.5.3)
    em-socksify (0.2.1)
      eventmachine (>= 1.0.0.beta.4)
    em-twitter (0.2.1)
      eventmachine (~> 1.0)
      http_parser.rb (~> 0.5)
      simple_oauth (~> 0.1)
    em-websocket-client (0.1.1)
      eventmachine
      libwebsocket
    eventmachine (1.0.0)
    faraday (0.8.4)
      multipart-post (~> 1.1)
    fetcher-microdata (0.0.1)
      discoverer
    fetcher-microdata-twitter (0.0.3)
      discoverer
      fetcher-microdata
      virtus
    http_parser.rb (0.5.3)
    json (1.7.5)
    libwebsocket (0.1.5)
      addressable
    method_source (0.8.1)
    multi_json (1.3.7)
    multipart-post (1.1.5)
    pry (0.9.10)
      coderay (~> 1.0.5)
      method_source (~> 0.8)
      slop (~> 3.3.1)
    simple_oauth (0.1.9)
    slop (3.3.3)
    symbolmatrix (0.0.1)
    term-ansicolor (1.0.7)
    tweetstream (2.3.0)
      daemons (~> 1.1)
      em-http-request (~> 1.0.2)
      em-twitter (~> 0.2)
      multi_json (~> 1.3)
      twitter (~> 4.0)
    twitter (4.2.0)
      faraday (~> 0.8)
      multi_json (~> 1.3)
      simple_oauth (~> 0.1.6)
    virtus (0.5.2)
      backports (~> 2.6.1)

PLATFORMS
  ruby

DEPENDENCIES
  em-http-request
  em-websocket-client
  eventmachine
  fetcher-microdata-twitter
  json
  pry
  symbolmatrix
  term-ansicolor
  tweetstream
  twitter
